GEM
  remote: http://rubygems.org/
  specs:
    abstract (1.0.0)
    actionmailer (3.0.7.rc2)
      actionpack (= 3.0.7.rc2)
      mail (~> 2.2.15)
    actionpack (3.0.7.rc2)
      activemodel (= 3.0.7.rc2)
      activesupport (= 3.0.7.rc2)
      builder (~> 2.1.2)
      erubis (~> 2.6.6)
      i18n (~> 0.5.0)
      rack (~> 1.2.1)
      rack-mount (~> 0.6.14)
      rack-test (~> 0.5.7)
      tzinfo (~> 0.3.23)
    activemodel (3.0.7.rc2)
      activesupport (= 3.0.7.rc2)
      builder (~> 2.1.2)
      i18n (~> 0.5.0)
    activerecord (3.0.7.rc2)
      activemodel (= 3.0.7.rc2)
      activesupport (= 3.0.7.rc2)
      arel (~> 2.0.2)
      tzinfo (~> 0.3.23)
    activeresource (3.0.7.rc2)
      activemodel (= 3.0.7.rc2)
      activesupport (= 3.0.7.rc2)
    activesupport (3.0.7.rc2)
    addressable (2.2.6)
    arel (2.0.9)
    builder (2.1.2)
    configuration (1.2.0)
    erubis (2.6.6)
      abstract (>= 1.0.0)
    faraday (0.6.1)
      addressable (~> 2.2.4)
      multipart-post (~> 1.1.0)
      rack (>= 1.1.0, < 2)
    faraday_middleware (0.6.3)
      faraday (~> 0.6.0)
    foursquare2 (1.1.0)
      faraday (~> 0.6)
      faraday_middleware (~> 0.6)
      hashie (~> 1.0)
    hashie (1.0.0)
    heroku (2.2.1)
      launchy (>= 0.3.2)
      rest-client (~> 1.6.1)
      term-ansicolor (~> 1.0.5)
    i18n (0.5.0)
    jquery-rails (1.0.9)
      railties (~> 3.0)
      thor (~> 0.14)
    launchy (0.4.0)
      configuration (>= 0.0.5)
      rake (>= 0.8.1)
    mail (2.2.17)
      activesupport (>= 2.3.6)
      i18n (>= 0.4.0)
      mime-types (~> 1.16)
      treetop (~> 1.4.8)
    mime-types (1.16)
    multipart-post (1.1.2)
    polyglot (0.3.1)
    rack (1.2.2)
    rack-mount (0.6.14)
      rack (>= 1.0.0)
    rack-test (0.5.7)
      rack (>= 1.0)
    rails (3.0.7.rc2)
      actionmailer (= 3.0.7.rc2)
      actionpack (= 3.0.7.rc2)
      activerecord (= 3.0.7.rc2)
      activeresource (= 3.0.7.rc2)
      activesupport (= 3.0.7.rc2)
      bundler (~> 1.0)
      railties (= 3.0.7.rc2)
    railties (3.0.7.rc2)
      actionpack (= 3.0.7.rc2)
      activesupport (= 3.0.7.rc2)
      rake (>= 0.8.7)
      thor (~> 0.14.4)
    rake (0.8.7)
    rdoc (2.5.8)
    rest-client (1.6.1)
      mime-types (>= 1.16)
    sqlite3 (1.3.3-x86-mingw32)
    term-ansicolor (1.0.5)
    thor (0.14.6)
    treetop (1.4.9)
      polyglot (>= 0.3.1)
    twiliolib (2.0.7)
      builder (>= 2.1.2)
    tzinfo (0.3.26)

PLATFORMS
  x86-mingw32

DEPENDENCIES
  foursquare2
  heroku
  jquery-rails
  rails (= 3.0.7.rc2)
  rdoc
  sqlite3
  twiliolib
